GEM
  remote: http://rubygems.org/
  specs:
    active_link_to (1.0.0)
    git (1.2.5)
    jeweler (1.8.3)
      bundler (~> 1.0)
      git (>= 1.2.5)
      rake
      rdoc
    json (1.6.5)
    rake (0.9.2.2)
    rdoc (3.12)
      json (~> 1.4)
    redcarpet (2.1.0)
    yard (0.7.5)

PLATFORMS
  ruby

DEPENDENCIES
  active_link_to (~> 1.0.0)
  jeweler (~> 1.8.3)
  redcarpet (~> 2.1.0)
  yard (~> 0.7.5)
