GEM
  remote: http://rubygems.org/
  specs:
    active_link_to (1.0.0)
    git (1.2.5)
    jeweler (1.8.4)
      bundler (~> 1.0)
      git (>= 1.2.5)
      rake
      rdoc
    json (1.7.5)
    magic_encoding (0.0.2)
    rake (0.9.2.2)
    rdoc (3.12)
      json (~> 1.4)
    redcarpet (2.1.1)
    whitespace (2.0.4)
    yard (0.8.2.1)

PLATFORMS
  ruby

DEPENDENCIES
  active_link_to (~> 1.0.0)
  jeweler (~> 1.8.3)
  magic_encoding (~> 0.0.2)
  redcarpet (~> 2.1.0)
  whitespace (~> 2.0.4)
  yard (~> 0.8.2.1)
